GIT
  remote: https://github.com/simplecov-ruby/simplecov
  revision: 0260b1f309e76c8ed87731ebbc348b05d753b8a2
  specs:
    simplecov (0.20.0)
      docile (~> 1.1)
      simplecov-html (~> 0.11)
      simplecov_json_formatter (~> 0.1)

PATH
  remote: .
  specs:
    simplecov-html (0.12.3)

GEM
  remote: https://rubygems.org/
  specs:
    ast (2.4.2)
    concurrent-ruby (1.1.5)
    docile (1.4.0)
    execjs (2.7.0)
    minitest (5.15.0)
    parallel (1.22.1)
    parser (3.1.1.0)
      ast (~> 2.4.1)
    rack (2.2.6.4)
    rainbow (3.1.1)
    rake (13.0.1)
    regexp_parser (2.2.1)
    rexml (3.2.5)
    rubocop (1.26.1)
      parallel (~> 1.10)
      parser (>= 3.1.0.0)
      rainbow (>= 2.2.2, < 4.0)
      regexp_parser (>= 1.8, < 3.0)
      rexml
      rubocop-ast (>= 1.16.0, < 2.0)
      ruby-progressbar (~> 1.7)
      unicode-display_width (>= 1.4.0, < 3.0)
    rubocop-ast (1.16.0)
      parser (>= 3.1.1.0)
    ruby-progressbar (1.11.0)
    simplecov_json_formatter (0.1.4)
    sprockets (3.7.2)
      concurrent-ruby (~> 1.0)
      rack (> 1, < 3)
    uglifier (4.2.0)
      execjs (>= 0.3.0, < 3)
    unicode-display_width (2.1.0)
    yui-compressor (0.12.0)

PLATFORMS
  ruby

DEPENDENCIES
  minitest
  rake (>= 11)
  rubocop
  simplecov!
  simplecov-html!
  sprockets (~> 3.7)
  uglifier
  yui-compressor

BUNDLED WITH
   2.4.3
